GEM
  remote: https://rubygems.org/
  specs:
    json (1.8.3)
    minitest (5.8.4)

PLATFORMS
  ruby

DEPENDENCIES
  json
  minitest

BUNDLED WITH
   1.11.2
