GEM
  remote: https://rubygems.org/
  specs:
<<<<<<< HEAD
    ast (2.2.0)
    json (1.8.3)
    minitest (5.8.4)
    parser (2.3.0.6)
      ast (~> 2.2)
    powerpack (0.1.1)
    rainbow (2.1.0)
    rubocop (0.37.2)
      parser (>= 2.3.0.4, < 3.0)
      powerpack (~> 0.1)
      rainbow (>= 1.99.1, < 3.0)
      ruby-progressbar (~> 1.7)
      unicode-display_width (~> 0.3)
    ruby-progressbar (1.7.5)
    unicode-display_width (0.3.1)
=======
    json (1.8.3)
    minitest (5.8.4)
>>>>>>> 3201c4e1aceeff2cbf1042b82714687d2815c2ee

PLATFORMS
  ruby

DEPENDENCIES
  json
  minitest
<<<<<<< HEAD
  rubocop
=======
>>>>>>> 3201c4e1aceeff2cbf1042b82714687d2815c2ee

BUNDLED WITH
   1.11.2
